PATH
  remote: .
  specs:
    legion-cache (1.2.0)
      connection_pool (>= 2.2.3)
      dalli (>= 2.7)
      legion-logging
      legion-settings
      redis (>= 4.2)

GEM
  remote: https://rubygems.org/
  specs:
    ast (2.4.2)
    connection_pool (2.2.5)
    dalli (2.7.11)
    diff-lcs (1.4.4)
    docile (1.4.0)
    json_pure (2.5.1)
    legion-json (1.2.0)
      json_pure
      multi_json
    legion-logging (1.1.5)
      rainbow (~> 3)
    legion-settings (1.2.0)
      legion-json (>= 1.2)
    multi_json (1.15.0)
    parallel (1.20.1)
    parser (3.0.1.1)
      ast (~> 2.4.1)
    rainbow (3.0.0)
    rake (13.0.3)
    redis (4.2.5)
    regexp_parser (2.1.1)
    rexml (3.2.5)
    rspec (3.10.0)
      rspec-core (~> 3.10.0)
      rspec-expectations (~> 3.10.0)
      rspec-mocks (~> 3.10.0)
    rspec-core (3.10.1)
      rspec-support (~> 3.10.0)
    rspec-expectations (3.10.1)
      diff-lcs (>= 1.2.0, < 2.0)
      rspec-support (~> 3.10.0)
    rspec-mocks (3.10.2)
      diff-lcs (>= 1.2.0, < 2.0)
      rspec-support (~> 3.10.0)
    rspec-support (3.10.2)
    rspec_junit_formatter (0.4.1)
      rspec-core (>= 2, < 4, != 2.12.0)
    rubocop (1.16.0)
      parallel (~> 1.10)
      parser (>= 3.0.0.0)
      rainbow (>= 2.2.2, < 4.0)
      regexp_parser (>= 1.8, < 3.0)
      rexml
      rubocop-ast (>= 1.7.0, < 2.0)
      ruby-progressbar (~> 1.7)
      unicode-display_width (>= 1.4.0, < 3.0)
    rubocop-ast (1.7.0)
      parser (>= 3.0.1.1)
    ruby-progressbar (1.11.0)
    simplecov (0.21.2)
      docile (~> 1.1)
      simplecov-html (~> 0.11)
      simplecov_json_formatter (~> 0.1)
    simplecov-html (0.12.3)
    simplecov_json_formatter (0.1.3)
    unicode-display_width (2.0.0)

PLATFORMS
  x86_64-darwin-18

DEPENDENCIES
  legion-cache!
  rake
  rspec
  rspec_junit_formatter
  rubocop
  simplecov

BUNDLED WITH
   2.2.15
